GEM
  remote: https://rubygems.org/
  remote: https://gem.fury.io/engineerai/
  specs:
    aasm (5.5.0)
      concurrent-ruby (~> 1.0)
    account_block (1.3.0)
      bcrypt (= 3.1.16)
      builder_base
      builder_json_web_token
      bx_block_sms
      countries (= 3.0.1)
      phonelib (= 0.6.47)
      wisper (= 2.0.1)
    ace-rails-ap (4.5)
    actioncable (6.1.7.6)
      actionpack (= 6.1.7.6)
      activesupport (= 6.1.7.6)
      nio4r (~> 2.0)
      websocket-driver (>= 0.6.1)
    actionmailbox (6.1.7.6)
      actionpack (= 6.1.7.6)
      activejob (= 6.1.7.6)
      activerecord (= 6.1.7.6)
      activestorage (= 6.1.7.6)
      activesupport (= 6.1.7.6)
      mail (>= 2.7.1)
    actionmailer (6.1.7.6)
      actionpack (= 6.1.7.6)
      actionview (= 6.1.7.6)
      activejob (= 6.1.7.6)
      activesupport (= 6.1.7.6)
      mail (~> 2.5, >= 2.5.4)
      rails-dom-testing (~> 2.0)
    actionpack (6.1.7.6)
      actionview (= 6.1.7.6)
      activesupport (= 6.1.7.6)
      rack (~> 2.0, >= 2.0.9)
      rack-test (>= 0.6.3)
      rails-dom-testing (~> 2.0)
      rails-html-sanitizer (~> 1.0, >= 1.2.0)
    actiontext (6.1.7.6)
      actionpack (= 6.1.7.6)
      activerecord (= 6.1.7.6)
      activestorage (= 6.1.7.6)
      activesupport (= 6.1.7.6)
      nokogiri (>= 1.8.5)
    actionview (6.1.7.6)
      activesupport (= 6.1.7.6)
      builder (~> 3.1)
      erubi (~> 1.4)
      rails-dom-testing (~> 2.0)
      rails-html-sanitizer (~> 1.1, >= 1.2.0)
    active_admin_datetimepicker (1.1.0)
      activeadmin (>= 2.14.0, < 4.0)
    active_admin_role (0.2.2)
      activeadmin (>= 1.2.0)
      cancancan (>= 1.15.0)
      railties (>= 5.0.0)
    active_model_validates_intersection_of (3.0.1)
      activemodel (>= 5.0.0)
    active_storage_base64 (1.2.0)
      rails (~> 6.1)
    active_storage_validations (1.0.4)
      activejob (>= 5.2.0)
      activemodel (>= 5.2.0)
      activestorage (>= 5.2.0)
      activesupport (>= 5.2.0)
    activeadmin (2.14.0)
      arbre (~> 1.2, >= 1.2.1)
      formtastic (>= 3.1, < 5.0)
      formtastic_i18n (~> 0.4)
      inherited_resources (~> 1.7)
      jquery-rails (~> 4.2)
      kaminari (~> 1.0, >= 1.2.1)
      railties (>= 6.1, < 7.1)
      ransack (>= 2.1.1, < 4)
    activeadmin-searchable_select (1.8.0)
      activeadmin (>= 1.x, < 4)
      jquery-rails (>= 3.0, < 5)
      select2-rails (~> 4.0)
    activeadmin_json_editor (0.0.10)
      ace-rails-ap
      railties (>= 3.0)
    activeadmin_quill_editor (1.0.0)
      activeadmin (~> 2.0)
    activejob (6.1.7.6)
      activesupport (= 6.1.7.6)
      globalid (>= 0.3.6)
    activemodel (6.1.7.6)
      activesupport (= 6.1.7.6)
    activerecord (6.1.7.6)
      activemodel (= 6.1.7.6)
      activesupport (= 6.1.7.6)
    activestorage (6.1.7.6)
      actionpack (= 6.1.7.6)
      activejob (= 6.1.7.6)
      activerecord (= 6.1.7.6)
      activesupport (= 6.1.7.6)
      marcel (~> 1.0)
      mini_mime (>= 1.1.0)
    activestorage-validator (0.3.0)
      rails (>= 6.1.0)
    activesupport (6.1.7.6)
      concurrent-ruby (~> 1.0, >= 1.0.2)
      i18n (>= 1.6, < 2)
      minitest (>= 5.1)
      tzinfo (~> 2.0)
      zeitwerk (~> 2.3)
    acts-as-taggable-on (10.0.0)
      activerecord (>= 6.1, < 7.2)
    addressable (2.8.7)
      public_suffix (>= 2.0.2, < 7.0)
    anyway_config (2.6.4)
      ruby-next-core (~> 1.0)
    arbre (1.7.0)
      activesupport (>= 3.0.0)
      ruby2_keywords (>= 0.0.2)
    arctic_admin (4.3.1)
      activeadmin (>= 1.1.0, < 4.0)
      font-awesome-sass (~> 6.0)
    aws-eventstream (1.3.0)
    aws-partitions (1.1002.0)
    aws-sdk-core (3.212.0)
      aws-eventstream (~> 1, >= 1.3.0)
      aws-partitions (~> 1, >= 1.992.0)
      aws-sigv4 (~> 1.9)
      jmespath (~> 1, >= 1.6.1)
    aws-sdk-kms (1.95.0)
      aws-sdk-core (~> 3, >= 3.210.0)
      aws-sigv4 (~> 1.5)
    aws-sdk-s3 (1.170.0)
      aws-sdk-core (~> 3, >= 3.210.0)
      aws-sdk-kms (~> 1)
      aws-sigv4 (~> 1.5)
    aws-sigv4 (1.10.1)
      aws-eventstream (~> 1, >= 1.0.2)
    base64 (0.2.0)
    bcrypt (3.1.16)
    buftok (0.2.0)
    builder (3.3.0)
    builder_base (1.4.0)
      fast_jsonapi
      jsonapi.rb
      net-imap (= 0.3.7)
      nokogiri (= 1.13.10)
      rails (>= 6.0.3.6, <= 6.1.7.6)
    builder_json_web_token (1.0.1)
      builder_base
      jwt
      pg
    bx_block_account_groups (1.3.0)
      builder_base
      bx_block_admin
      bx_block_login-3d0582b5
      bx_block_roles_permissions-c50949d0
      rswag
    bx_block_address-07f1bf4f (1.3.0)
      account_block
      builder_base
      builder_json_web_token
      bx_block_login-3d0582b5
      geocoder
    bx_block_admin (1.3.0)
      builder_base
      builder_json_web_token
      devise
      ffi (= 1.16.3)
    bx_block_advanced_search-23b25188 (1.1.1)
      account_block
      builder_base
      builder_json_web_token
      bx_block_custom_form-63cd533b
      bx_block_login-3d0582b5
    bx_block_appointment_management-eb816fd3 (1.3.0)
      account_block
      builder_base
      builder_json_web_token
      bx_block_login-3d0582b5
      sidekiq (~> 6.1.0)
    bx_block_automatic_renewals-0b2de503 (1.2.1)
      account_block
      builder_base
      builder_json_web_token
      bx_block_login-3d0582b5
      rswag
      yaml_db
    bx_block_calendar-4836ef12 (1.1.1)
      account_block
      builder_base
      builder_json_web_token
      bx_block_appointment_management-eb816fd3
      bx_block_login-3d0582b5
      bx_block_roles_permissions-c50949d0
      rswag
    bx_block_catalogue-0e5da613 (1.3.0)
      account_block
      builder_base
      builder_json_web_token
      bx_block_categories-acd0763f
      bx_block_login-3d0582b5
      rswag
    bx_block_categories-acd0763f (1.3.0)
      account_block
      active_storage_base64
      builder_base
      builder_json_web_token
      bx_block_login-3d0582b5
      carrierwave
      carrierwave-aws
      ffi (< 1.17.0)
      kaminari
      rswag
      will_paginate
    bx_block_comments-568532a5 (1.4.0)
      builder_base
      bx_block_login-3d0582b5
      bx_block_posts-3dc5b993
      public_activity
      pundit
      yaml_db
    bx_block_contact_us-6e0a750f (1.3.0)
      account_block
      builder_base
      builder_json_web_token
      bx_block_login-3d0582b5
    bx_block_content_management (0.1.3)
      builder_base
      bx_block_login-3d0582b5
    bx_block_cors (1.0.1)
      builder_base
    bx_block_coupon_cg-1da92412 (0.0.1)
      builder_base
      builder_json_web_token
    bx_block_custom_ads-e8d68990 (1.3.0)
      account_block
      builder_base
      builder_json_web_token
      bx_block_custom_form-63cd533b
      bx_block_login-3d0582b5
      bx_block_roles_permissions-c50949d0
    bx_block_custom_form-63cd533b (1.3.0)
      account_block
      builder_base
      builder_json_web_token
      bx_block_login-3d0582b5
      geokit-rails
    bx_block_custom_forms (0.4.0)
      account_block
      builder_base
      bx_block_login-3d0582b5
    bx_block_custom_user_subs (0.0.9)
      builder_base
      bx_block_admin
      bx_block_login-3d0582b5
    bx_block_educational_gamification (1.2.0)
      account_block
      builder_base
      builder_json_web_token
      bx_block_account_groups
      bx_block_admin
      bx_block_login-3d0582b5
      bx_block_performance_tracker (~> 1)
      bx_block_roles_permissions-c50949d0
      rswag
    bx_block_favourites (1.3.0)
      account_block
      builder_base
      builder_json_web_token
      bx_block_login-3d0582b5
    bx_block_fedex_integration-c7604a00 (1.3.0)
      account_block
      builder_base
      builder_json_web_token
      bx_block_catalogue-0e5da613
      bx_block_login-3d0582b5
      oauth2
    bx_block_filter_items-b1be1f37 (1.1.1)
      account_block
      builder_base
      builder_json_web_token
      bx_block_catalogue-0e5da613
      bx_block_login-3d0582b5
      rswag
    bx_block_followers-ea7cb581 (1.2.1)
      account_block
      builder_base
      builder_json_web_token
      bx_block_login-3d0582b5
      bx_block_profile
      pg
      pundit
      rake_tasks
    bx_block_forgot_password-4de8968b (1.1.1)
      account_block
      builder_base
      builder_json_web_token
    bx_block_like (1.2.0)
      account_block
      builder_base
      builder_json_web_token
      bx_block_comments-568532a5
      bx_block_posts-3dc5b993
      bx_block_profile
      bx_block_push_notifications-c0f9e9b7
    bx_block_like_a_post-27907772 (0.0.6)
      builder_base
      bx_block_posts-3dc5b993
      pundit
    bx_block_location-99004202 (0.0.10)
      account_block
      builder_base
      builder_json_web_token
      bx_block_address-07f1bf4f
      bx_block_appointment_management-eb816fd3
      bx_block_login-3d0582b5
      bx_block_roles_permissions-c50949d0
      geocoder
      rswag
    bx_block_login-3d0582b5 (1.1.1)
      account_block
      builder_base
      builder_json_web_token
      rswag
    bx_block_navmenu-1cdc25a4 (1.2.1)
      account_block
      builder_base
      builder_json_web_token
      bx_block_login-3d0582b5
      multi_json (~> 1.11, >= 1.11.2)
    bx_block_order_management-674a3e38 (1.3.0)
      aasm (~> 5.1, >= 5.1.1)
      account_block
      builder_base
      builder_json_web_token
      bx_block_catalogue-0e5da613
      bx_block_coupon_cg-1da92412
      bx_block_fedex_integration-c7604a00
      bx_block_login-3d0582b5
      multi_json
      public_activity
    bx_block_performance_tracker (1.3.0)
      account_block
      builder_base
      bx_block_account_groups
      bx_block_login-3d0582b5
      rswag
    bx_block_photo_library-6419d914 (1.2.1)
      account_block
      activestorage
      builder_base
      builder_json_web_token
      bx_block_login-3d0582b5
      pry (~> 0.13.1)
    bx_block_posts-3dc5b993 (1.2.1)
      account_block
      active_storage_validations
      activestorage-validator
      builder_base
      builder_json_web_token
      bx_block_categories-acd0763f
      bx_block_login-3d0582b5
      public_activity
      rswag
    bx_block_profile (1.3.0)
      account_block
      active_storage_base64
      builder_base
      builder_json_web_token
      bx_block_login-3d0582b5
      rswag
    bx_block_profile_bio (1.3.0)
      account_block
      active_model_validates_intersection_of
      acts-as-taggable-on
      builder_base
      builder_json_web_token
      bx_block_categories-acd0763f
      bx_block_favourites
      bx_block_like
      bx_block_location-99004202
      bx_block_profile
      bx_block_push_notifications-c0f9e9b7
      bx_block_request_management
      rswag
    bx_block_profile_lite (0.3.0)
      builder_base
      bx_block_login-3d0582b5
    bx_block_push_notifications-c0f9e9b7 (1.3.0)
      account_block
      builder_base
      bx_block_categories-acd0763f
      bx_block_login-3d0582b5
      fcmpush
    bx_block_request_management (1.3.0)
      account_block
      builder_base
      builder_json_web_token
      bx_block_account_groups
      bx_block_login-3d0582b5
      rswag
    bx_block_roles_permissions-c50949d0 (1.3.0)
      account_block
      builder_base
      bx_block_login-3d0582b5
      rswag
    bx_block_salesforceintegration2 (0.2.0)
      builder_base
      bx_block_login-3d0582b5
      rest-client
    bx_block_scheduling-d1f08754 (1.1.1)
      builder_base
      bx_block_appointment_management-eb816fd3
      bx_block_calendar-4836ef12
    bx_block_settings-5412d427 (1.2.1)
      builder_base
    bx_block_share (1.3.0)
      account_block
      builder_base
      builder_json_web_token
      bx_block_catalogue-0e5da613
      bx_block_posts-3dc5b993
      multi_json (~> 1.11, >= 1.11.2)
      rswag
      rswag-specs
      twitter
    bx_block_sms (1.1.0)
      builder_base
      twilio-ruby
    bx_block_stripe_integration (2.2.0)
      account_block
      builder_base
      builder_json_web_token
      rswag
      stripe (~> 5.55.0)
      stripe_event (~> 2.7.0)
    bx_block_subscription_billing (1.2.0)
      account_block
      builder_base
      builder_json_web_token
      bx_block_login-3d0582b5
    bx_block_terms_and_conditions (1.3.0)
      account_block
      builder_base
      builder_json_web_token
      bx_block_account_groups
      bx_block_login-3d0582b5
      bx_block_roles_permissions-c50949d0
    bx_block_upload_media-9de56634 (1.3.0)
      aws-sdk-s3
      builder_base
      bx_block_custom_ads-e8d68990
      bx_block_custom_form-63cd533b
      bx_block_login-3d0582b5
    bx_block_visual_analytics (1.1.0)
      account_block
      builder_base
      builder_json_web_token
      bx_block_followers-ea7cb581
      bx_block_login-3d0582b5
    byebug (11.1.3)
    cancancan (3.6.1)
    capybara (3.39.2)
      addressable
      matrix
      mini_mime (>= 0.1.3)
      nokogiri (~> 1.8)
      rack (>= 1.6.0)
      rack-test (>= 0.6.3)
      regexp_parser (>= 1.5, < 3.0)
      xpath (~> 3.2)
    carrierwave (1.3.4)
      activemodel (>= 4.0.0)
      activesupport (>= 4.0.0)
      mime-types (>= 1.16)
      ssrf_filter (~> 1.0, < 1.1.0)
    carrierwave-aws (1.4.0)
      aws-sdk-s3 (~> 1.0)
      carrierwave (>= 0.7, < 2.1)
    childprocess (4.1.0)
    city-state (1.1.0)
      rubyzip (>= 2.3)
    coderay (1.1.3)
    concurrent-ruby (1.3.4)
    connection_pool (2.4.1)
    countries (3.0.1)
      i18n_data (~> 0.10.0)
      sixarm_ruby_unaccent (~> 1.1)
      unicode_utils (~> 1.4)
    crass (1.0.6)
    csv (3.3.0)
    date (3.4.0)
    declarative (0.0.20)
    devise (4.9.4)
      bcrypt (~> 3.0)
      orm_adapter (~> 0.1)
      railties (>= 4.1.0)
      responders
      warden (~> 1.2.3)
    diff-lcs (1.5.1)
    docile (1.4.1)
    domain_name (0.6.20240107)
    dotenv (2.8.1)
    dry-initializer (3.1.1)
    equalizer (0.0.11)
    erubi (1.13.0)
    et-orbi (1.2.11)
      tzinfo
    factory_bot (6.2.1)
      activesupport (>= 5.0.0)
    factory_bot_rails (6.2.0)
      factory_bot (~> 6.2.0)
      railties (>= 5.0.0)
    faker (3.4.2)
      i18n (>= 1.8.11, < 2)
    faraday (2.8.1)
      base64
      faraday-net_http (>= 2.0, < 3.1)
      ruby2_keywords (>= 0.0.4)
    faraday-net_http (3.0.2)
    fast_jsonapi (1.5)
      activesupport (>= 4.2)
    fcmpush (1.4.4)
      google-apis-identitytoolkit_v3
      net-http-persistent (~> 4.0.1)
    ffi (1.16.3)
    ffi-compiler (1.3.2)
      ffi (>= 1.15.5)
      rake
    font-awesome-sass (6.5.2)
      sassc (~> 2.0)
    formtastic (4.0.0)
      actionpack (>= 5.2.0)
    formtastic_i18n (0.7.0)
    fugit (1.11.1)
      et-orbi (~> 1, >= 1.2.11)
      raabro (~> 1.4)
    geocoder (1.8.3)
      base64 (>= 0.1.0)
      csv (>= 3.0.0)
    geokit (1.14.0)
    geokit-rails (2.5.0)
      geokit (~> 1.5)
      rails (>= 3.0)
    globalid (1.2.1)
      activesupport (>= 6.1)
    google-apis-core (0.15.1)
      addressable (~> 2.5, >= 2.5.1)
      googleauth (~> 1.9)
      httpclient (>= 2.8.3, < 3.a)
      mini_mime (~> 1.0)
      mutex_m
      representable (~> 3.0)
      retriable (>= 2.0, < 4.a)
    google-apis-identitytoolkit_v3 (0.17.0)
      google-apis-core (>= 0.15.0, < 2.a)
    google-cloud-env (2.1.1)
      faraday (>= 1.0, < 3.a)
    googleauth (1.11.2)
      faraday (>= 1.0, < 3.a)
      google-cloud-env (~> 2.1)
      jwt (>= 1.4, < 3.0)
      multi_json (~> 1.11)
      os (>= 0.9, < 2.0)
      signet (>= 0.16, < 2.a)
    gserver (0.0.1)
    has_scope (0.8.2)
      actionpack (>= 5.2)
      activesupport (>= 5.2)
    hashie (5.0.0)
    htmlentities (4.3.4)
    http (4.4.1)
      addressable (~> 2.3)
      http-cookie (~> 1.0)
      http-form_data (~> 2.2)
      http-parser (~> 1.2.0)
    http-accept (1.7.0)
    http-cookie (1.0.7)
      domain_name (~> 0.5)
    http-form_data (2.3.0)
    http-parser (1.2.3)
      ffi-compiler (>= 1.0, < 2.0)
    http_parser.rb (0.6.0)
    httpclient (2.8.3)
    i18n (1.14.6)
      concurrent-ruby (~> 1.0)
    i18n_data (0.10.0)
    image_processing (0.11.2)
    inherited_resources (1.14.0)
      actionpack (>= 6.0)
      has_scope (>= 0.6)
      railties (>= 6.0)
      responders (>= 2)
    jmespath (1.6.2)
    jquery-rails (4.6.0)
      rails-dom-testing (>= 1, < 3)
      railties (>= 4.2.0)
      thor (>= 0.14, < 2.0)
    json (2.8.1)
    json-schema (5.0.1)
      addressable (~> 2.8)
    jsonapi-serializer (2.2.0)
      activesupport (>= 4.2)
    jsonapi.rb (2.1.1)
      jsonapi-serializer
      rack
    jwt (2.9.3)
      base64
    kaminari (1.2.2)
      activesupport (>= 4.1.0)
      kaminari-actionview (= 1.2.2)
      kaminari-activerecord (= 1.2.2)
      kaminari-core (= 1.2.2)
    kaminari-actionview (1.2.2)
      actionview
      kaminari-core (= 1.2.2)
    kaminari-activerecord (1.2.2)
      activerecord
      kaminari-core (= 1.2.2)
    kaminari-core (1.2.2)
    launchy (2.5.2)
      addressable (~> 2.8)
    letter_opener (1.10.0)
      launchy (>= 2.2, < 4)
    logger (1.6.1)
    loofah (2.23.1)
      crass (~> 1.0.2)
      nokogiri (>= 1.12.0)
    mail (2.8.1)
      mini_mime (>= 0.1.1)
      net-imap
      net-pop
      net-smtp
    marcel (1.0.4)
    matrix (0.4.2)
    memoizable (0.4.2)
      thread_safe (~> 0.3, >= 0.3.1)
    method_source (1.1.0)
    mime-types (3.6.0)
      logger
      mime-types-data (~> 3.2015)
    mime-types-data (3.2024.1105)
    mini_magick (5.0.1)
    mini_mime (1.1.5)
    mini_portile2 (2.8.7)
    minitest (5.25.1)
    mock_redis (0.34.0)
      ruby2_keywords
    multi_json (1.15.0)
    multi_xml (0.6.0)
    multipart-post (2.4.1)
    mustermann (3.0.3)
      ruby2_keywords (~> 0.0.1)
    mutex_m (0.2.0)
    naught (1.1.0)
    net-http-persistent (4.0.4)
      connection_pool (~> 2.2)
    net-imap (0.3.7)
      date
      net-protocol
    net-pop (0.1.2)
      net-protocol
    net-protocol (0.2.2)
      timeout
    net-smtp (0.5.0)
      net-protocol
    netrc (0.11.0)
    nio4r (2.7.4)
    nokogiri (1.13.10)
      mini_portile2 (~> 2.8.0)
      racc (~> 1.4)
    nokogiri (1.13.10-x86_64-linux)
      racc (~> 1.4)
    oauth2 (2.0.9)
      faraday (>= 0.17.3, < 3.0)
      jwt (>= 1.0, < 3.0)
      multi_xml (~> 0.5)
      rack (>= 1.2, < 4)
      snaky_hash (~> 2.0)
      version_gem (~> 1.1)
    orm_adapter (0.5.0)
    os (1.1.4)
    ostruct (0.6.1)
    pg (1.5.9)
    phonelib (0.6.47)
    prometheus-client (4.2.3)
      base64
    pry (0.13.1)
      coderay (~> 1.1)
      method_source (~> 1.0)
    public_activity (2.0.2)
      actionpack (>= 5.0.0)
      activerecord (>= 5.0)
      i18n (>= 0.5.0)
      railties (>= 5.0.0)
    public_suffix (5.1.1)
    puma (4.3.12)
      nio4r (~> 2.0)
    pundit (2.4.0)
      activesupport (>= 3.0.0)
    raabro (1.4.0)
    racc (1.8.1)
    rack (2.2.10)
    rack-cors (2.0.2)
      rack (>= 2.0.0)
    rack-protection (3.2.0)
      base64 (>= 0.1.0)
      rack (~> 2.2, >= 2.2.4)
    rack-test (2.1.0)
      rack (>= 1.3)
    rails (6.1.7.6)
      actioncable (= 6.1.7.6)
      actionmailbox (= 6.1.7.6)
      actionmailer (= 6.1.7.6)
      actionpack (= 6.1.7.6)
      actiontext (= 6.1.7.6)
      actionview (= 6.1.7.6)
      activejob (= 6.1.7.6)
      activemodel (= 6.1.7.6)
      activerecord (= 6.1.7.6)
      activestorage (= 6.1.7.6)
      activesupport (= 6.1.7.6)
      bundler (>= 1.15.0)
      railties (= 6.1.7.6)
      sprockets-rails (>= 2.0.0)
    rails-controller-testing (1.0.5)
      actionpack (>= 5.0.1.rc1)
      actionview (>= 5.0.1.rc1)
      activesupport (>= 5.0.1.rc1)
    rails-dom-testing (2.2.0)
      activesupport (>= 5.0.0)
      minitest
      nokogiri (>= 1.6)
    rails-html-sanitizer (1.5.0)
      loofah (~> 2.19, >= 2.19.1)
    railties (6.1.7.6)
      actionpack (= 6.1.7.6)
      activesupport (= 6.1.7.6)
      method_source
      rake (>= 12.2)
      thor (~> 1.0)
    rake (13.2.1)
    rake_tasks (5.1.1)
      rake
    ransack (3.2.1)
      activerecord (>= 6.1.5)
      activesupport (>= 6.1.5)
      i18n
    redis (5.3.0)
      redis-client (>= 0.22.0)
    redis-client (0.22.2)
      connection_pool
    regexp_parser (2.9.2)
    representable (3.2.0)
      declarative (< 0.1.0)
      trailblazer-option (>= 0.1.1, < 0.2.0)
      uber (< 0.2.0)
    responders (3.1.1)
      actionpack (>= 5.2)
      railties (>= 5.2)
    rest-client (2.1.0)
      http-accept (>= 1.7.0, < 2.0)
      http-cookie (>= 1.0.2, < 2.0)
      mime-types (>= 1.16, < 4.0)
      netrc (~> 0.8)
    retriable (3.1.2)
    rexml (3.3.9)
    rspec (3.13.0)
      rspec-core (~> 3.13.0)
      rspec-expectations (~> 3.13.0)
      rspec-mocks (~> 3.13.0)
    rspec-core (3.13.2)
      rspec-support (~> 3.13.0)
    rspec-expectations (3.13.3)
      diff-lcs (>= 1.2.0, < 2.0)
      rspec-support (~> 3.13.0)
    rspec-mocks (3.13.2)
      diff-lcs (>= 1.2.0, < 2.0)
      rspec-support (~> 3.13.0)
    rspec-rails (5.1.2)
      actionpack (>= 5.2)
      activesupport (>= 5.2)
      railties (>= 5.2)
      rspec-core (~> 3.10)
      rspec-expectations (~> 3.10)
      rspec-mocks (~> 3.10)
      rspec-support (~> 3.10)
    rspec-sonarqube-formatter (1.5.0)
      htmlentities (~> 4.3.3)
      rspec (~> 3.0)
    rspec-support (3.13.1)
    rswag (2.15.0)
      rswag-api (= 2.15.0)
      rswag-specs (= 2.15.0)
      rswag-ui (= 2.15.0)
    rswag-api (2.15.0)
      activesupport (>= 5.2, < 8.0)
      railties (>= 5.2, < 8.0)
    rswag-specs (2.15.0)
      activesupport (>= 5.2, < 8.0)
      json-schema (>= 2.2, < 6.0)
      railties (>= 5.2, < 8.0)
      rspec-core (>= 2.14)
    rswag-ui (2.15.0)
      actionpack (>= 5.2, < 8.0)
      railties (>= 5.2, < 8.0)
    ruby-next-core (1.0.3)
    ruby2_keywords (0.0.5)
    rubyzip (2.3.2)
    sassc (2.4.0)
      ffi (~> 1.9)
    sassc-rails (2.1.2)
      railties (>= 4.0.0)
      sassc (>= 2.0)
      sprockets (> 3.0)
      sprockets-rails
      tilt
    select2-rails (4.0.13)
    selenium-webdriver (4.0.3)
      childprocess (>= 0.5, < 5.0)
      rexml (~> 3.2, >= 3.2.5)
      rubyzip (>= 1.2.2)
    shoulda-matchers (5.3.0)
      activesupport (>= 5.2.0)
    sidekiq (6.1.3)
      connection_pool (>= 2.2.2)
      rack (~> 2.0)
      redis (>= 4.2.0)
    sidekiq-cron (1.12.0)
      fugit (~> 1.8)
      globalid (>= 1.0.1)
      sidekiq (>= 6)
    sidekiq_alive (2.4.0)
      gserver (~> 0.0.1)
      sidekiq (>= 5, < 8)
    signet (0.19.0)
      addressable (~> 2.8)
      faraday (>= 0.17.5, < 3.a)
      jwt (>= 1.5, < 3.0)
      multi_json (~> 1.10)
    simple_oauth (0.3.1)
    simplecov (0.17.0)
      docile (~> 1.1)
      json (>= 1.8, < 3)
      simplecov-html (~> 0.10.0)
    simplecov-html (0.10.2)
    sinatra (3.2.0)
      mustermann (~> 3.0)
      rack (~> 2.2, >= 2.2.4)
      rack-protection (= 3.2.0)
      tilt (~> 2.0)
    sixarm_ruby_unaccent (1.2.2)
    snaky_hash (2.0.1)
      hashie
      version_gem (~> 1.1, >= 1.1.1)
    sniffer (0.5.0)
      anyway_config (>= 1.0)
      dry-initializer (~> 3)
    sprockets (4.2.1)
      concurrent-ruby (~> 1.0)
      rack (>= 2.2.4, < 4)
    sprockets-rails (3.5.2)
      actionpack (>= 6.1)
      activesupport (>= 6.1)
      sprockets (>= 3.0.0)
    ssrf_filter (1.0.8)
    stripe (5.55.0)
    stripe_event (2.7.0)
      activesupport (>= 3.1)
      stripe (>= 2.8, < 9)
    thor (1.3.2)
    thread_safe (0.3.6)
    tilt (2.4.0)
    timeout (0.4.2)
    timezone (1.3.29)
      base64 (~> 0.2)
      ostruct (~> 0.6)
    trailblazer-option (0.1.2)
    twilio-ruby (7.3.5)
      faraday (>= 0.9, < 3.0)
      jwt (>= 1.5, < 3.0)
      nokogiri (>= 1.6, < 2.0)
    twitter (7.0.0)
      addressable (~> 2.3)
      buftok (~> 0.2.0)
      equalizer (~> 0.0.11)
      http (~> 4.0)
      http-form_data (~> 2.0)
      http_parser.rb (~> 0.6.0)
      memoizable (~> 0.4.0)
      multipart-post (~> 2.0)
      naught (~> 1.0)
      simple_oauth (~> 0.3.0)
    tzinfo (2.0.6)
      concurrent-ruby (~> 1.0)
    uber (0.1.0)
    unicode_utils (1.4.0)
    version_gem (1.1.4)
    warden (1.2.9)
      rack (>= 2.0.9)
    websocket-driver (0.7.6)
      websocket-extensions (>= 0.1.0)
    websocket-extensions (0.1.5)
    will_paginate (4.0.1)
    wisper (2.0.1)
    xpath (3.2.0)
      nokogiri (~> 1.8)
    yabeda (0.13.1)
      anyway_config (>= 1.0, < 3)
      concurrent-ruby
      dry-initializer
    yabeda-http_requests (0.2.1)
      sniffer
      yabeda
    yabeda-prometheus (0.9.1)
      prometheus-client (>= 3.0, < 5.0)
      rack
      yabeda (~> 0.10)
    yabeda-puma-plugin (0.7.1)
      json
      puma
      yabeda (~> 0.5)
    yabeda-rails (0.9.0)
      activesupport
      anyway_config (>= 1.3, < 3)
      railties
      yabeda (~> 0.8)
    yabeda-sidekiq (0.12.0)
      anyway_config (>= 1.3, < 3)
      sidekiq
      yabeda (~> 0.6)
    yaml_db (0.7.0)
      rails (>= 3.0)
      rake (>= 0.8.7)
    zeitwerk (2.6.18)
    zip-codes (0.2.1)

PLATFORMS
  ruby
  x86_64-linux

DEPENDENCIES
  aasm
  account_block (= 1.3.0)
  active_admin_datetimepicker
  active_admin_role
  active_storage_validations (~> 1.0.4)
  activeadmin
  activeadmin-searchable_select
  activeadmin_json_editor
  activeadmin_quill_editor (~> 1.0.0)
  activestorage-validator
  arctic_admin
  aws-sdk-s3
  builder_base (= 1.4.0)
  bx_block_account_groups (= 1.3.0)
  bx_block_address-07f1bf4f (= 1.3.0)
  bx_block_admin (= 1.3.0)
  bx_block_advanced_search-23b25188 (= 1.1.1)
  bx_block_appointment_management-eb816fd3 (= 1.3.0)
  bx_block_automatic_renewals-0b2de503 (= 1.2.1)
  bx_block_calendar-4836ef12 (= 1.1.1)
  bx_block_catalogue-0e5da613 (= 1.3.0)
  bx_block_categories-acd0763f (= 1.3.0)
  bx_block_contact_us-6e0a750f (= 1.3.0)
  bx_block_content_management (= 0.1.3)
  bx_block_cors
  bx_block_coupon_cg-1da92412 (= 0.0.1)
  bx_block_custom_ads-e8d68990 (= 1.3.0)
  bx_block_custom_form-63cd533b (= 1.3.0)
  bx_block_custom_forms (= 0.4.0)
  bx_block_custom_user_subs (= 0.0.9)
  bx_block_educational_gamification (= 1.2.0)
  bx_block_fedex_integration-c7604a00 (= 1.3.0)
  bx_block_filter_items-b1be1f37 (= 1.1.1)
  bx_block_followers-ea7cb581 (= 1.2.1)
  bx_block_forgot_password-4de8968b (= 1.1.1)
  bx_block_like (= 1.2.0)
  bx_block_like_a_post-27907772 (= 0.0.6)
  bx_block_location-99004202 (= 0.0.10)
  bx_block_login-3d0582b5 (= 1.1.1)
  bx_block_navmenu-1cdc25a4 (= 1.2.1)
  bx_block_order_management-674a3e38 (= 1.3.0)
  bx_block_performance_tracker (= 1.3.0)
  bx_block_photo_library-6419d914 (= 1.2.1)
  bx_block_posts-3dc5b993 (= 1.2.1)
  bx_block_profile (= 1.3.0)
  bx_block_profile_bio (= 1.3.0)
  bx_block_profile_lite (= 0.3.0)
  bx_block_push_notifications-c0f9e9b7 (= 1.3.0)
  bx_block_roles_permissions-c50949d0 (= 1.3.0)
  bx_block_salesforceintegration2 (= 0.2.0)
  bx_block_scheduling-d1f08754 (= 1.1.1)
  bx_block_settings-5412d427 (= 1.2.1)
  bx_block_share (= 1.3.0)
  bx_block_sms (= 1.1.0)
  bx_block_stripe_integration (= 2.2.0)
  bx_block_subscription_billing (= 1.2.0)
  bx_block_terms_and_conditions (= 1.3.0)
  bx_block_upload_media-9de56634 (= 1.3.0)
  bx_block_visual_analytics (= 1.1.0)
  byebug
  capybara
  city-state
  concurrent-ruby (= 1.3.4)
  devise
  dotenv
  factory_bot_rails (= 6.2.0)
  faker
  geocoder
  htmlentities
  image_processing
  kaminari
  letter_opener
  mini_magick
  mock_redis (= 0.34.0)
  net-imap (= 0.3.7)
  nokogiri (= 1.13.10)
  pg (>= 0.18, < 2.0)
  puma (~> 4.1)
  rack-cors
  rails (~> 6.1.7)
  rails-controller-testing
  rest-client
  rspec-rails (= 5.1.2)
  rspec-sonarqube-formatter (= 1.5.0)
  rubyzip (>= 1.2.2)
  sassc-rails
  selenium-webdriver (~> 4.0.3)
  shoulda-matchers
  sidekiq (~> 6.1.0)
  sidekiq-cron
  sidekiq_alive
  simplecov (= 0.17.0)
  sinatra
  stripe
  timezone (~> 1.0)
  tzinfo-data
  will_paginate
  yabeda-http_requests
  yabeda-prometheus
  yabeda-puma-plugin
  yabeda-rails
  yabeda-sidekiq
  zeitwerk (~> 2.3)
  zip-codes

RUBY VERSION
   ruby 2.7.5p203

BUNDLED WITH
   2.4.22
